STORAGE: NONE
RESTRICTION: || (== net461) (== netstandard2.0)
NUGET
  remote: https://api.nuget.org/v3/index.json
    FSharp.Core (4.2.3)
      System.Collections (>= 4.0.11) - restriction: || (&& (== net461) (< net45) (>= netstandard1.6)) (== netstandard2.0)
      System.Console (>= 4.0) - restriction: || (&& (== net461) (< net45) (>= netstandard1.6)) (== netstandard2.0)
      System.Diagnostics.Debug (>= 4.0.11) - restriction: || (&& (== net461) (< net45) (>= netstandard1.6)) (== netstandard2.0)
      System.Diagnostics.Tools (>= 4.0.1) - restriction: || (&& (== net461) (< net45) (>= netstandard1.6)) (== netstandard2.0)
      System.Globalization (>= 4.0.11) - restriction: || (&& (== net461) (< net45) (>= netstandard1.6)) (== netstandard2.0)
      System.IO (>= 4.1) - restriction: || (&& (== net461) (< net45) (>= netstandard1.6)) (== netstandard2.0)
      System.Linq (>= 4.1) - restriction: || (&& (== net461) (< net45) (>= netstandard1.6)) (== netstandard2.0)
      System.Linq.Expressions (>= 4.1) - restriction: || (&& (== net461) (< net45) (>= netstandard1.6)) (== netstandard2.0)
      System.Linq.Queryable (>= 4.0.1) - restriction: || (&& (== net461) (< net45) (>= netstandard1.6)) (== netstandard2.0)
      System.Net.Requests (>= 4.0.11) - restriction: || (&& (== net461) (< net45) (>= netstandard1.6)) (== netstandard2.0)
      System.Reflection (>= 4.1) - restriction: || (&& (== net461) (< net45) (>= netstandard1.6)) (== netstandard2.0)
      System.Reflection.Extensions (>= 4.0.1) - restriction: || (&& (== net461) (< net45) (>= netstandard1.6)) (== netstandard2.0)
      System.Resources.ResourceManager (>= 4.0.1) - restriction: || (&& (== net461) (< net45) (>= netstandard1.6)) (== netstandard2.0)
      System.Runtime (>= 4.1) - restriction: || (&& (== net461) (< net45) (>= netstandard1.6)) (== netstandard2.0)
      System.Runtime.Extensions (>= 4.1) - restriction: || (&& (== net461) (< net45) (>= netstandard1.6)) (== netstandard2.0)
      System.Runtime.Numerics (>= 4.0.1) - restriction: || (&& (== net461) (< net45) (>= netstandard1.6)) (== netstandard2.0)
      System.Text.RegularExpressions (>= 4.1) - restriction: || (&& (== net461) (< net45) (>= netstandard1.6)) (== netstandard2.0)
      System.Threading (>= 4.0.11) - restriction: || (&& (== net461) (< net45) (>= netstandard1.6)) (== netstandard2.0)
      System.Threading.Tasks (>= 4.0.11) - restriction: || (&& (== net461) (< net45) (>= netstandard1.6)) (== netstandard2.0)
      System.Threading.Tasks.Parallel (>= 4.0.1) - restriction: || (&& (== net461) (< net45) (>= netstandard1.6)) (== netstandard2.0)
      System.Threading.Thread (>= 4.0) - restriction: || (&& (== net461) (< net45) (>= netstandard1.6)) (== netstandard2.0)
      System.Threading.ThreadPool (>= 4.0.10) - restriction: || (&& (== net461) (< net45) (>= netstandard1.6)) (== netstandard2.0)
      System.Threading.Timer (>= 4.0.1) - restriction: || (&& (== net461) (< net45) (>= netstandard1.6)) (== netstandard2.0)
    FSharp.Data (2.4.6)
      Zlib.Portable (>= 1.11) - restriction: || (&& (== net461) (< net40)) (== netstandard2.0)
    Microsoft.NETCore.Platforms (5.0) - restriction: || (&& (== net461) (< net45) (>= netstandard1.6)) (&& (== net461) (>= netcoreapp1.1)) (== netstandard2.0)
    Microsoft.NETCore.Targets (5.0) - restriction: || (&& (== net461) (< net45) (>= netstandard1.6)) (&& (== net461) (>= netcoreapp1.1)) (== netstandard2.0)
    runtime.debian.8-x64.runtime.native.System.Security.Cryptography.OpenSsl (4.3.3) - restriction: || (&& (== net461) (< net45) (>= netstandard1.6)) (== netstandard2.0)
    runtime.debian.9-x64.runtime.native.System.Security.Cryptography.OpenSsl (4.3.3) - restriction: || (&& (== net461) (< net45) (>= netstandard1.6)) (== netstandard2.0)
    runtime.fedora.23-x64.runtime.native.System.Security.Cryptography.OpenSsl (4.3.3) - restriction: || (&& (== net461) (< net45) (>= netstandard1.6)) (== netstandard2.0)
    runtime.fedora.24-x64.runtime.native.System.Security.Cryptography.OpenSsl (4.3.3) - restriction: || (&& (== net461) (< net45) (>= netstandard1.6)) (== netstandard2.0)
    runtime.fedora.27-x64.runtime.native.System.Security.Cryptography.OpenSsl (4.3.3) - restriction: || (&& (== net461) (< net45) (>= netstandard1.6)) (== netstandard2.0)
    runtime.fedora.28-x64.runtime.native.System.Security.Cryptography.OpenSsl (4.3.3) - restriction: || (&& (== net461) (< net45) (>= netstandard1.6)) (== netstandard2.0)
    runtime.native.System (4.3.1) - restriction: || (&& (== net461) (< net45) (>= netstandard1.6)) (== netstandard2.0)
      Microsoft.NETCore.Platforms (>= 1.1.1)
      Microsoft.NETCore.Targets (>= 1.1.3)
    runtime.native.System.Net.Http (4.3.1) - restriction: || (&& (== net461) (< net45) (>= netstandard1.6)) (== netstandard2.0)
      Microsoft.NETCore.Platforms (>= 1.1.1)
      Microsoft.NETCore.Targets (>= 1.1.3)
    runtime.native.System.Security.Cryptography.Apple (4.3.1) - restriction: || (&& (== net461) (< net45) (>= netstandard1.6)) (== netstandard2.0)
      runtime.osx.10.10-x64.runtime.native.System.Security.Cryptography.Apple (>= 4.3.1)
    runtime.native.System.Security.Cryptography.OpenSsl (4.3.3) - restriction: || (&& (== net461) (< net45) (>= netstandard1.6)) (== netstandard2.0)
      runtime.debian.8-x64.runtime.native.System.Security.Cryptography.OpenSsl (>= 4.3.3)
      runtime.debian.9-x64.runtime.native.System.Security.Cryptography.OpenSsl (>= 4.3.3)
      runtime.fedora.23-x64.runtime.native.System.Security.Cryptography.OpenSsl (>= 4.3.3)
      runtime.fedora.24-x64.runtime.native.System.Security.Cryptography.OpenSsl (>= 4.3.3)
      runtime.fedora.27-x64.runtime.native.System.Security.Cryptography.OpenSsl (>= 4.3.3)
      runtime.fedora.28-x64.runtime.native.System.Security.Cryptography.OpenSsl (>= 4.3.3)
      runtime.opensuse.13.2-x64.runtime.native.System.Security.Cryptography.OpenSsl (>= 4.3.3)
      runtime.opensuse.42.1-x64.runtime.native.System.Security.Cryptography.OpenSsl (>= 4.3.3)
      runtime.opensuse.42.3-x64.runtime.native.System.Security.Cryptography.OpenSsl (>= 4.3.3)
      runtime.osx.10.10-x64.runtime.native.System.Security.Cryptography.OpenSsl (>= 4.3.3)
      runtime.rhel.7-x64.runtime.native.System.Security.Cryptography.OpenSsl (>= 4.3.3)
      runtime.ubuntu.14.04-x64.runtime.native.System.Security.Cryptography.OpenSsl (>= 4.3.3)
      runtime.ubuntu.16.04-x64.runtime.native.System.Security.Cryptography.OpenSsl (>= 4.3.3)
      runtime.ubuntu.16.10-x64.runtime.native.System.Security.Cryptography.OpenSsl (>= 4.3.3)
      runtime.ubuntu.18.04-x64.runtime.native.System.Security.Cryptography.OpenSsl (>= 4.3.3)
    runtime.opensuse.13.2-x64.runtime.native.System.Security.Cryptography.OpenSsl (4.3.3) - restriction: || (&& (== net461) (< net45) (>= netstandard1.6)) (== netstandard2.0)
    runtime.opensuse.42.1-x64.runtime.native.System.Security.Cryptography.OpenSsl (4.3.3) - restriction: || (&& (== net461) (< net45) (>= netstandard1.6)) (== netstandard2.0)
    runtime.opensuse.42.3-x64.runtime.native.System.Security.Cryptography.OpenSsl (4.3.3) - restriction: || (&& (== net461) (< net45) (>= netstandard1.6)) (== netstandard2.0)
    runtime.osx.10.10-x64.runtime.native.System.Security.Cryptography.Apple (4.3.1) - restriction: || (&& (== net461) (< net45) (>= netstandard1.6)) (== netstandard2.0)
    runtime.osx.10.10-x64.runtime.native.System.Security.Cryptography.OpenSsl (4.3.3) - restriction: || (&& (== net461) (< net45) (>= netstandard1.6)) (== netstandard2.0)
    runtime.rhel.7-x64.runtime.native.System.Security.Cryptography.OpenSsl (4.3.3) - restriction: || (&& (== net461) (< net45) (>= netstandard1.6)) (== netstandard2.0)
    runtime.ubuntu.14.04-x64.runtime.native.System.Security.Cryptography.OpenSsl (4.3.3) - restriction: || (&& (== net461) (< net45) (>= netstandard1.6)) (== netstandard2.0)
    runtime.ubuntu.16.04-x64.runtime.native.System.Security.Cryptography.OpenSsl (4.3.3) - restriction: || (&& (== net461) (< net45) (>= netstandard1.6)) (== netstandard2.0)
    runtime.ubuntu.16.10-x64.runtime.native.System.Security.Cryptography.OpenSsl (4.3.3) - restriction: || (&& (== net461) (< net45) (>= netstandard1.6)) (== netstandard2.0)
    runtime.ubuntu.18.04-x64.runtime.native.System.Security.Cryptography.OpenSsl (4.3.3) - restriction: || (&& (== net461) (< net45) (>= netstandard1.6)) (== netstandard2.0)
    System.Buffers (4.5.1) - restriction: || (&& (== net461) (>= monoandroid) (>= netstandard1.6)) (&& (== net461) (>= monoandroid) (>= netstandard2.0)) (&& (== net461) (>= monotouch)) (&& (== net461) (< net45) (>= netstandard1.6)) (&& (== net461) (< net45) (>= netstandard2.0)) (&& (== net461) (< netstandard1.1) (>= netstandard1.6)) (&& (== net461) (< netstandard1.1) (>= netstandard2.0)) (&& (== net461) (>= netstandard1.6) (>= uap10.1)) (&& (== net461) (>= netstandard1.6) (>= wpa81)) (&& (== net461) (>= netstandard2.0) (>= uap10.1)) (&& (== net461) (>= netstandard2.0) (>= wpa81)) (&& (== net461) (>= xamarinios)) (&& (== net461) (>= xamarinmac)) (&& (== net461) (>= xamarintvos)) (&& (== net461) (>= xamarinwatchos)) (== netstandard2.0)
    System.Collections (4.3) - restriction: || (&& (== net461) (< net45) (>= netstandard1.6)) (== netstandard2.0)
      Microsoft.NETCore.Platforms (>= 1.1) - restriction: || (&& (== net461) (< net45)) (== netstandard2.0)
      Microsoft.NETCore.Targets (>= 1.1) - restriction: || (&& (== net461) (< net45)) (== netstandard2.0)
      System.Runtime (>= 4.3) - restriction: || (&& (== net461) (< net45)) (== netstandard2.0)
    System.Collections.Concurrent (4.3) - restriction: || (&& (== net461) (< net45) (>= netstandard1.6)) (== netstandard2.0)
      System.Collections (>= 4.3) - restriction: || (&& (== net461) (< net45)) (== netstandard2.0)
      System.Diagnostics.Debug (>= 4.3) - restriction: || (&& (== net461) (< net45)) (== netstandard2.0)
      System.Diagnostics.Tracing (>= 4.3) - restriction: || (&& (== net461) (< net45)) (== netstandard2.0)
      System.Globalization (>= 4.3) - restriction: || (&& (== net461) (< net45)) (== netstandard2.0)
      System.Reflection (>= 4.3) - restriction: || (&& (== net461) (< net45)) (== netstandard2.0)
      System.Resources.ResourceManager (>= 4.3) - restriction: || (&& (== net461) (< net45)) (== netstandard2.0)
      System.Runtime (>= 4.3) - restriction: || (&& (== net461) (< net45)) (== netstandard2.0)
      System.Runtime.Extensions (>= 4.3) - restriction: || (&& (== net461) (< net45)) (== netstandard2.0)
      System.Threading (>= 4.3) - restriction: || (&& (== net461) (< net45)) (== netstandard2.0)
      System.Threading.Tasks (>= 4.3) - restriction: || (&& (== net461) (< net45)) (== netstandard2.0)
    System.Console (4.3.1) - restriction: || (&& (== net461) (< net45) (>= netstandard1.6)) (== netstandard2.0)
      Microsoft.NETCore.Platforms (>= 1.1) - restriction: || (&& (== net461) (< net46)) (== netstandard2.0)
      Microsoft.NETCore.Targets (>= 1.1.2) - restriction: || (&& (== net461) (< net46)) (== netstandard2.0)
      System.IO (>= 4.3) - restriction: || (&& (== net461) (< net46)) (== netstandard2.0)
      System.Runtime (>= 4.3) - restriction: || (&& (== net461) (< net46)) (== netstandard2.0)
      System.Text.Encoding (>= 4.3) - restriction: || (&& (== net461) (< net46)) (== netstandard2.0)
    System.Diagnostics.Debug (4.3) - restriction: || (&& (== net461) (< net45) (>= netstandard1.6)) (== netstandard2.0)
      Microsoft.NETCore.Platforms (>= 1.1) - restriction: || (&& (== net461) (< net45)) (== netstandard2.0)
      Microsoft.NETCore.Targets (>= 1.1) - restriction: || (&& (== net461) (< net45)) (== netstandard2.0)
      System.Runtime (>= 4.3) - restriction: || (&& (== net461) (< net45)) (== netstandard2.0)
    System.Diagnostics.DiagnosticSource (5.0) - restriction: || (&& (== net461) (< net45) (>= netstandard1.6)) (== netstandard2.0)
      System.Memory (>= 4.5.4)
      System.Runtime.CompilerServices.Unsafe (>= 5.0)
    System.Diagnostics.Tools (4.3) - restriction: || (&& (== net461) (< net45) (>= netstandard1.6)) (== netstandard2.0)
      Microsoft.NETCore.Platforms (>= 1.1) - restriction: || (&& (== net461) (< net45)) (== netstandard2.0)
      Microsoft.NETCore.Targets (>= 1.1) - restriction: || (&& (== net461) (< net45)) (== netstandard2.0)
      System.Runtime (>= 4.3) - restriction: || (&& (== net461) (< net45)) (== netstandard2.0)
    System.Diagnostics.Tracing (4.3) - restriction: || (&& (== net461) (< net45) (>= netstandard1.6)) (== netstandard2.0)
      Microsoft.NETCore.Platforms (>= 1.1) - restriction: || (&& (== net461) (< net45)) (== netstandard2.0)
      Microsoft.NETCore.Targets (>= 1.1) - restriction: || (&& (== net461) (< net45)) (== netstandard2.0)
      System.Runtime (>= 4.3) - restriction: || (&& (== net461) (< net45)) (== netstandard2.0)
    System.Globalization (4.3) - restriction: || (&& (== net461) (< net45) (>= netstandard1.6)) (== netstandard2.0)
      Microsoft.NETCore.Platforms (>= 1.1) - restriction: || (&& (== net461) (< net45)) (== netstandard2.0)
      Microsoft.NETCore.Targets (>= 1.1) - restriction: || (&& (== net461) (< net45)) (== netstandard2.0)
      System.Runtime (>= 4.3) - restriction: || (&& (== net461) (< net45)) (== netstandard2.0)
    System.Globalization.Calendars (4.3) - restriction: || (&& (== net461) (< net45) (>= netstandard1.6)) (== netstandard2.0)
      Microsoft.NETCore.Platforms (>= 1.1) - restriction: || (&& (== net461) (< net46)) (== netstandard2.0)
      Microsoft.NETCore.Targets (>= 1.1) - restriction: || (&& (== net461) (< net46)) (== netstandard2.0)
      System.Globalization (>= 4.3) - restriction: || (&& (== net461) (< net46)) (== netstandard2.0)
      System.Runtime (>= 4.3) - restriction: || (&& (== net461) (< net46)) (== netstandard2.0)
    System.Globalization.Extensions (4.3) - restriction: || (&& (== net461) (< net45) (>= netstandard1.6)) (== netstandard2.0)
      Microsoft.NETCore.Platforms (>= 1.1) - restriction: || (&& (== net461) (< net46)) (== netstandard2.0)
      System.Globalization (>= 4.3) - restriction: || (&& (== net461) (< net46)) (== netstandard2.0)
      System.Resources.ResourceManager (>= 4.3) - restriction: || (&& (== net461) (< net46)) (== netstandard2.0)
      System.Runtime (>= 4.3) - restriction: || (&& (== net461) (< net46)) (== netstandard2.0)
      System.Runtime.Extensions (>= 4.3) - restriction: || (&& (== net461) (< net46)) (== netstandard2.0)
      System.Runtime.InteropServices (>= 4.3) - restriction: || (&& (== net461) (< net46)) (== netstandard2.0)
    System.IO (4.3) - restriction: || (&& (== net461) (< net45) (>= netstandard1.6)) (== netstandard2.0)
      Microsoft.NETCore.Platforms (>= 1.1) - restriction: || (&& (== net461) (< net45)) (== netstandard2.0)
      Microsoft.NETCore.Targets (>= 1.1) - restriction: || (&& (== net461) (< net45)) (== netstandard2.0)
      System.Runtime (>= 4.3) - restriction: || (&& (== net461) (< net45)) (== netstandard2.0)
      System.Text.Encoding (>= 4.3) - restriction: || (&& (== net461) (< net45)) (== netstandard2.0)
      System.Threading.Tasks (>= 4.3) - restriction: || (&& (== net461) (< net45)) (== netstandard2.0)
    System.IO.FileSystem (4.3) - restriction: || (&& (== net461) (< net45) (>= netstandard1.6)) (== netstandard2.0)
      Microsoft.NETCore.Platforms (>= 1.1) - restriction: || (&& (== net461) (< net46)) (== netstandard2.0)
      Microsoft.NETCore.Targets (>= 1.1) - restriction: || (&& (== net461) (< net46)) (== netstandard2.0)
      System.IO (>= 4.3) - restriction: || (&& (== net461) (< net46)) (== netstandard2.0)
      System.IO.FileSystem.Primitives (>= 4.3)
      System.Runtime (>= 4.3) - restriction: || (&& (== net461) (< net46)) (== netstandard2.0)
      System.Runtime.Handles (>= 4.3) - restriction: || (&& (== net461) (< net46)) (== netstandard2.0)
      System.Text.Encoding (>= 4.3) - restriction: || (&& (== net461) (< net46)) (== netstandard2.0)
      System.Threading.Tasks (>= 4.3) - restriction: || (&& (== net461) (< net46)) (== netstandard2.0)
    System.IO.FileSystem.Primitives (4.3) - restriction: || (&& (== net461) (< net45) (>= netstandard1.6)) (== netstandard2.0)
      System.Runtime (>= 4.3) - restriction: || (&& (== net461) (< net46)) (== netstandard2.0)
    System.Linq (4.3) - restriction: || (&& (== net461) (< net45) (>= netstandard1.6)) (== netstandard2.0)
      System.Collections (>= 4.3) - restriction: || (&& (== net461) (< net45)) (== netstandard2.0)
      System.Diagnostics.Debug (>= 4.3) - restriction: || (&& (== net461) (< net45) (>= netstandard1.6)) (== netstandard2.0)
      System.Resources.ResourceManager (>= 4.3) - restriction: || (&& (== net461) (< net45) (>= netstandard1.6)) (== netstandard2.0)
      System.Runtime (>= 4.3) - restriction: || (&& (== net461) (< net45)) (== netstandard2.0)
      System.Runtime.Extensions (>= 4.3) - restriction: || (&& (== net461) (< net45) (>= netstandard1.6)) (== netstandard2.0)
    System.Linq.Expressions (4.3) - restriction: || (&& (== net461) (< net45) (>= netstandard1.6)) (== netstandard2.0)
      System.Collections (>= 4.3) - restriction: || (&& (== net461) (< net45) (>= netstandard1.6)) (== netstandard2.0)
      System.Diagnostics.Debug (>= 4.3) - restriction: || (&& (== net461) (< net45) (>= netstandard1.6)) (== netstandard2.0)
      System.Globalization (>= 4.3) - restriction: || (&& (== net461) (< net45) (>= netstandard1.6)) (== netstandard2.0)
      System.IO (>= 4.3) - restriction: || (&& (== net461) (< net45) (>= netstandard1.6)) (== netstandard2.0)
      System.Linq (>= 4.3) - restriction: || (&& (== net461) (< net45) (>= netstandard1.6)) (== netstandard2.0)
      System.ObjectModel (>= 4.3) - restriction: || (&& (== net461) (< net45) (>= netstandard1.6)) (== netstandard2.0)
      System.Reflection (>= 4.3) - restriction: || (&& (== net461) (< net45)) (== netstandard2.0)
      System.Reflection.Emit (>= 4.3) - restriction: || (&& (== net461) (< net45) (>= netstandard1.6)) (== netstandard2.0)
      System.Reflection.Emit.ILGeneration (>= 4.3) - restriction: || (&& (== net461) (< net45) (>= netstandard1.6)) (== netstandard2.0)
      System.Reflection.Emit.Lightweight (>= 4.3) - restriction: || (&& (== net461) (< net45) (>= netstandard1.6)) (== netstandard2.0)
      System.Reflection.Extensions (>= 4.3) - restriction: || (&& (== net461) (< net45) (>= netstandard1.6)) (== netstandard2.0)
      System.Reflection.Primitives (>= 4.3) - restriction: || (&& (== net461) (< net45) (>= netstandard1.6)) (== netstandard2.0)
      System.Reflection.TypeExtensions (>= 4.3) - restriction: || (&& (== net461) (< net45) (>= netstandard1.6)) (== netstandard2.0)
      System.Resources.ResourceManager (>= 4.3) - restriction: || (&& (== net461) (< net45) (>= netstandard1.6)) (== netstandard2.0)
      System.Runtime (>= 4.3) - restriction: || (&& (== net461) (< net45)) (== netstandard2.0)
      System.Runtime.Extensions (>= 4.3) - restriction: || (&& (== net461) (< net45) (>= netstandard1.6)) (== netstandard2.0)
      System.Threading (>= 4.3) - restriction: || (&& (== net461) (< net45) (>= netstandard1.6)) (== netstandard2.0)
    System.Linq.Queryable (4.3) - restriction: || (&& (== net461) (< net45) (>= netstandard1.6)) (== netstandard2.0)
      System.Collections (>= 4.3) - restriction: || (&& (== net461) (< net45)) (== netstandard2.0)
      System.Diagnostics.Debug (>= 4.3) - restriction: || (&& (== net461) (< net45)) (== netstandard2.0)
      System.Linq (>= 4.3) - restriction: || (&& (== net461) (< net45)) (== netstandard2.0)
      System.Linq.Expressions (>= 4.3) - restriction: || (&& (== net461) (< net45)) (== netstandard2.0)
      System.Reflection (>= 4.3) - restriction: || (&& (== net461) (< net45)) (== netstandard2.0)
      System.Reflection.Extensions (>= 4.3) - restriction: || (&& (== net461) (< net45)) (== netstandard2.0)
      System.Resources.ResourceManager (>= 4.3) - restriction: || (&& (== net461) (< net45)) (== netstandard2.0)
      System.Runtime (>= 4.3) - restriction: || (&& (== net461) (< net45)) (== netstandard2.0)
    System.Memory (4.5.4) - restriction: || (&& (== net461) (< net45) (>= netstandard1.6)) (&& (== net461) (< net45) (>= netstandard2.0)) (&& (== net461) (>= netstandard1.6) (>= uap10.1)) (== netstandard2.0)
      System.Buffers (>= 4.5.1)
      System.Numerics.Vectors (>= 4.4) - restriction: || (&& (== net461) (< net45) (>= netstandard2.0)) (== netstandard2.0)
      System.Runtime.CompilerServices.Unsafe (>= 4.5.3)
    System.Net.Http (4.3.4) - restriction: || (&& (== net461) (< net45) (>= netstandard1.6)) (== netstandard2.0)
      Microsoft.NETCore.Platforms (>= 1.1.1) - restriction: || (&& (== net461) (< net45)) (== netstandard2.0)
      runtime.native.System (>= 4.3) - restriction: || (&& (== net461) (< net45) (>= netstandard1.6)) (== netstandard2.0)
      runtime.native.System.Net.Http (>= 4.3) - restriction: || (&& (== net461) (< net45) (>= netstandard1.6)) (== netstandard2.0)
      runtime.native.System.Security.Cryptography.OpenSsl (>= 4.3.2) - restriction: || (&& (== net461) (< net45) (>= netstandard1.6)) (== netstandard2.0)
      System.Collections (>= 4.3) - restriction: || (&& (== net461) (< net45)) (== netstandard2.0)
      System.Diagnostics.Debug (>= 4.3) - restriction: || (&& (== net461) (< net45)) (== netstandard2.0)
      System.Diagnostics.DiagnosticSource (>= 4.3) - restriction: || (&& (== net461) (< net45)) (== netstandard2.0)
      System.Diagnostics.Tracing (>= 4.3) - restriction: || (&& (== net461) (< net45)) (== netstandard2.0)
      System.Globalization (>= 4.3) - restriction: || (&& (== net461) (< net45)) (== netstandard2.0)
      System.Globalization.Extensions (>= 4.3) - restriction: || (&& (== net461) (< net45) (>= netstandard1.6)) (== netstandard2.0)
      System.IO (>= 4.3) - restriction: || (&& (== net461) (< net45)) (== netstandard2.0)
      System.IO.FileSystem (>= 4.3) - restriction: || (&& (== net461) (< net45) (>= netstandard1.6)) (== netstandard2.0)
      System.Net.Primitives (>= 4.3) - restriction: || (&& (== net461) (< net45)) (== netstandard2.0)
      System.Resources.ResourceManager (>= 4.3) - restriction: || (&& (== net461) (< net45)) (== netstandard2.0)
      System.Runtime (>= 4.3) - restriction: || (&& (== net461) (< net45)) (== netstandard2.0)
      System.Runtime.Extensions (>= 4.3) - restriction: || (&& (== net461) (< net45)) (== netstandard2.0)
      System.Runtime.Handles (>= 4.3) - restriction: || (&& (== net461) (< net45)) (== netstandard2.0)
      System.Runtime.InteropServices (>= 4.3) - restriction: || (&& (== net461) (< net45)) (== netstandard2.0)
      System.Security.Cryptography.Algorithms (>= 4.3) - restriction: || (&& (== net461) (< net45) (>= netstandard1.6)) (== netstandard2.0)
      System.Security.Cryptography.Encoding (>= 4.3) - restriction: || (&& (== net461) (< net45)) (== netstandard2.0)
      System.Security.Cryptography.OpenSsl (>= 4.3) - restriction: || (&& (== net461) (< net45) (>= netstandard1.6)) (== netstandard2.0)
      System.Security.Cryptography.Primitives (>= 4.3) - restriction: || (&& (== net461) (< net45) (>= netstandard1.6)) (== netstandard2.0)
      System.Security.Cryptography.X509Certificates (>= 4.3)
      System.Text.Encoding (>= 4.3) - restriction: || (&& (== net461) (< net45)) (== netstandard2.0)
      System.Threading (>= 4.3) - restriction: || (&& (== net461) (< net45)) (== netstandard2.0)
      System.Threading.Tasks (>= 4.3) - restriction: || (&& (== net461) (< net45)) (== netstandard2.0)
    System.Net.Primitives (4.3.1) - restriction: || (&& (== net461) (< net45) (>= netstandard1.6)) (&& (== net461) (< netstandard1.1) (>= netstandard1.6)) (== netstandard2.0)
      Microsoft.NETCore.Platforms (>= 1.1.1) - restriction: || (&& (== net461) (< net45)) (&& (== net461) (< netstandard1.1)) (== netstandard2.0)
      Microsoft.NETCore.Targets (>= 1.1.3) - restriction: || (&& (== net461) (< net45)) (&& (== net461) (< netstandard1.1)) (== netstandard2.0)
      System.Runtime (>= 4.3.1) - restriction: || (&& (== net461) (< net45)) (&& (== net461) (< netstandard1.1)) (== netstandard2.0)
      System.Runtime.Handles (>= 4.3) - restriction: || (&& (== net461) (< net45)) (== netstandard2.0)
    System.Net.Requests (4.3) - restriction: || (&& (== net461) (< net45) (>= netstandard1.6)) (== netstandard2.0)
      Microsoft.NETCore.Platforms (>= 1.1) - restriction: || (&& (== net461) (< net45)) (== netstandard2.0)
      System.Collections (>= 4.3) - restriction: || (&& (== net461) (< net45)) (== netstandard2.0)
      System.Diagnostics.Debug (>= 4.3) - restriction: || (&& (== net461) (< net45)) (== netstandard2.0)
      System.Diagnostics.Tracing (>= 4.3) - restriction: || (&& (== net461) (< net45)) (== netstandard2.0)
      System.Globalization (>= 4.3) - restriction: || (&& (== net461) (< net45)) (== netstandard2.0)
      System.IO (>= 4.3) - restriction: || (&& (== net461) (< net45)) (&& (== net461) (< netstandard1.1)) (== netstandard2.0)
      System.Net.Http (>= 4.3) - restriction: || (&& (== net461) (< net45)) (== netstandard2.0)
      System.Net.Primitives (>= 4.3) - restriction: || (&& (== net461) (< net45)) (&& (== net461) (< netstandard1.1)) (== netstandard2.0)
      System.Net.WebHeaderCollection (>= 4.3) - restriction: || (&& (== net461) (< net45)) (== netstandard2.0)
      System.Resources.ResourceManager (>= 4.3) - restriction: || (&& (== net461) (< net45)) (== netstandard2.0)
      System.Runtime (>= 4.3) - restriction: || (&& (== net461) (< net45)) (&& (== net461) (< netstandard1.1)) (== netstandard2.0)
      System.Threading (>= 4.3) - restriction: || (&& (== net461) (< net45)) (== netstandard2.0)
      System.Threading.Tasks (>= 4.3) - restriction: || (&& (== net461) (< net45)) (== netstandard2.0)
    System.Net.WebHeaderCollection (4.3) - restriction: || (&& (== net461) (< net45) (>= netstandard1.6)) (== netstandard2.0)
      System.Collections (>= 4.3) - restriction: || (&& (== net461) (< net46)) (== netstandard2.0)
      System.Resources.ResourceManager (>= 4.3) - restriction: || (&& (== net461) (< net46)) (== netstandard2.0)
      System.Runtime (>= 4.3) - restriction: || (&& (== net461) (< net46)) (== netstandard2.0)
      System.Runtime.Extensions (>= 4.3) - restriction: || (&& (== net461) (< net46)) (== netstandard2.0)
    System.Numerics.Vectors (4.5) - restriction: || (&& (== net461) (< net45) (>= netstandard2.0)) (&& (== net461) (>= netstandard2.0) (>= uap10.1)) (== netstandard2.0)
    System.ObjectModel (4.3) - restriction: || (&& (== net461) (< net45) (>= netstandard1.6)) (== netstandard2.0)
      System.Collections (>= 4.3) - restriction: || (&& (== net461) (< net45)) (== netstandard2.0)
      System.Diagnostics.Debug (>= 4.3) - restriction: || (&& (== net461) (< net45)) (== netstandard2.0)
      System.Resources.ResourceManager (>= 4.3) - restriction: || (&& (== net461) (< net45)) (== netstandard2.0)
      System.Runtime (>= 4.3) - restriction: || (&& (== net461) (< net45)) (== netstandard2.0)
      System.Threading (>= 4.3) - restriction: || (&& (== net461) (< net45)) (== netstandard2.0)
    System.Reflection (4.3) - restriction: || (&& (== net461) (< net45) (>= netstandard1.6)) (== netstandard2.0)
      Microsoft.NETCore.Platforms (>= 1.1) - restriction: || (&& (== net461) (< net45)) (== netstandard2.0)
      Microsoft.NETCore.Targets (>= 1.1) - restriction: || (&& (== net461) (< net45)) (== netstandard2.0)
      System.IO (>= 4.3) - restriction: || (&& (== net461) (< net45)) (== netstandard2.0)
      System.Reflection.Primitives (>= 4.3) - restriction: || (&& (== net461) (< net45)) (== netstandard2.0)
      System.Runtime (>= 4.3) - restriction: || (&& (== net461) (< net45)) (== netstandard2.0)
    System.Reflection.Emit (4.7) - restriction: || (&& (== net461) (< net45) (>= netstandard1.6)) (== netstandard2.0)
      System.Reflection.Emit.ILGeneration (>= 4.7) - restriction: || (&& (== net461) (< net45)) (&& (== net461) (< netstandard1.1)) (&& (== net461) (>= uap10.1)) (&& (== net461) (>= wpa81)) (== netstandard2.0)
    System.Reflection.Emit.ILGeneration (4.7) - restriction: || (&& (== net461) (< net45) (>= netstandard1.6)) (&& (== net461) (< net45) (>= netstandard2.0)) (&& (== net461) (< netstandard1.1) (>= netstandard1.6)) (&& (== net461) (>= netstandard1.6) (>= uap10.1)) (&& (== net461) (>= netstandard1.6) (>= wpa81)) (== netstandard2.0)
    System.Reflection.Emit.Lightweight (4.7) - restriction: || (&& (== net461) (< net45) (>= netstandard1.6)) (== netstandard2.0)
      System.Reflection.Emit.ILGeneration (>= 4.7) - restriction: || (&& (== net461) (< net45)) (&& (== net461) (< portable-net45+wp8)) (&& (== net461) (>= uap10.1)) (&& (== net461) (>= wpa81)) (== netstandard2.0)
    System.Reflection.Extensions (4.3) - restriction: || (&& (== net461) (< net45) (>= netstandard1.6)) (== netstandard2.0)
      Microsoft.NETCore.Platforms (>= 1.1) - restriction: || (&& (== net461) (< net45)) (== netstandard2.0)
      Microsoft.NETCore.Targets (>= 1.1) - restriction: || (&& (== net461) (< net45)) (== netstandard2.0)
      System.Reflection (>= 4.3) - restriction: || (&& (== net461) (< net45)) (== netstandard2.0)
      System.Runtime (>= 4.3) - restriction: || (&& (== net461) (< net45)) (== netstandard2.0)
    System.Reflection.Primitives (4.3) - restriction: || (&& (== net461) (< net45) (>= netstandard1.6)) (== netstandard2.0)
      Microsoft.NETCore.Platforms (>= 1.1) - restriction: || (&& (== net461) (< net45)) (== netstandard2.0)
      Microsoft.NETCore.Targets (>= 1.1) - restriction: || (&& (== net461) (< net45)) (== netstandard2.0)
      System.Runtime (>= 4.3) - restriction: || (&& (== net461) (< net45)) (== netstandard2.0)
    System.Reflection.TypeExtensions (4.7) - restriction: || (&& (== net461) (< net45) (>= netstandard1.6)) (== netstandard2.0)
    System.Resources.ResourceManager (4.3) - restriction: || (&& (== net461) (< net45) (>= netstandard1.6)) (== netstandard2.0)
      Microsoft.NETCore.Platforms (>= 1.1) - restriction: || (&& (== net461) (< net45)) (== netstandard2.0)
      Microsoft.NETCore.Targets (>= 1.1) - restriction: || (&& (== net461) (< net45)) (== netstandard2.0)
      System.Globalization (>= 4.3) - restriction: || (&& (== net461) (< net45)) (== netstandard2.0)
      System.Reflection (>= 4.3) - restriction: || (&& (== net461) (< net45)) (== netstandard2.0)
      System.Runtime (>= 4.3) - restriction: || (&& (== net461) (< net45)) (== netstandard2.0)
    System.Runtime (4.3.1) - restriction: || (&& (== net461) (< net45) (>= netstandard1.6)) (&& (== net461) (>= netcoreapp1.1)) (== netstandard2.0)
      Microsoft.NETCore.Platforms (>= 1.1.1) - restriction: || (&& (== net461) (< net45)) (== netstandard2.0)
      Microsoft.NETCore.Targets (>= 1.1.3) - restriction: || (&& (== net461) (< net45)) (== netstandard2.0)
    System.Runtime.CompilerServices.Unsafe (5.0) - restriction: || (&& (== net461) (>= monoandroid) (>= netstandard1.6)) (&& (== net461) (>= monotouch)) (&& (== net461) (< net45) (>= netstandard1.6)) (&& (== net461) (< net45) (>= netstandard2.0)) (&& (== net461) (>= netcoreapp2.1)) (&& (== net461) (>= netstandard1.6) (>= uap10.1)) (&& (== net461) (>= xamarinios)) (&& (== net461) (>= xamarinmac)) (&& (== net461) (>= xamarintvos)) (&& (== net461) (>= xamarinwatchos)) (== netstandard2.0)
    System.Runtime.Extensions (4.3.1) - restriction: || (&& (== net461) (< net45) (>= netstandard1.6)) (== netstandard2.0)
      Microsoft.NETCore.Platforms (>= 1.1.1) - restriction: || (&& (== net461) (< net45)) (== netstandard2.0)
      Microsoft.NETCore.Targets (>= 1.1.3) - restriction: || (&& (== net461) (< net45)) (== netstandard2.0)
      System.Runtime (>= 4.3.1) - restriction: || (&& (== net461) (< net45)) (== netstandard2.0)
    System.Runtime.Handles (4.3) - restriction: || (&& (== net461) (< net45) (>= netstandard1.6)) (== netstandard2.0)
      Microsoft.NETCore.Platforms (>= 1.1) - restriction: || (&& (== net461) (< net46)) (== netstandard2.0)
      Microsoft.NETCore.Targets (>= 1.1) - restriction: || (&& (== net461) (< net46)) (== netstandard2.0)
      System.Runtime (>= 4.3) - restriction: || (&& (== net461) (< net46)) (== netstandard2.0)
    System.Runtime.InteropServices (4.3) - restriction: || (&& (== net461) (< net45) (>= netstandard1.6)) (== netstandard2.0)
      Microsoft.NETCore.Platforms (>= 1.1) - restriction: || (&& (== net461) (< net45)) (&& (== net461) (>= netcoreapp1.1)) (== netstandard2.0)
      Microsoft.NETCore.Targets (>= 1.1) - restriction: || (&& (== net461) (< net45)) (&& (== net461) (>= netcoreapp1.1)) (== netstandard2.0)
      System.Reflection (>= 4.3) - restriction: || (&& (== net461) (< net45)) (&& (== net461) (>= netcoreapp1.1)) (== netstandard2.0)
      System.Reflection.Primitives (>= 4.3) - restriction: || (&& (== net461) (< net45)) (&& (== net461) (>= netcoreapp1.1)) (== netstandard2.0)
      System.Runtime (>= 4.3) - restriction: || (&& (== net461) (< net45)) (&& (== net461) (>= net462)) (&& (== net461) (>= netcoreapp1.1)) (== netstandard2.0)
      System.Runtime.Handles (>= 4.3) - restriction: || (&& (== net461) (< net45)) (&& (== net461) (>= netcoreapp1.1)) (== netstandard2.0)
    System.Runtime.Numerics (4.3) - restriction: || (&& (== net461) (< net45) (>= netstandard1.6)) (== netstandard2.0)
      System.Globalization (>= 4.3) - restriction: || (&& (== net461) (< net45)) (== netstandard2.0)
      System.Resources.ResourceManager (>= 4.3) - restriction: || (&& (== net461) (< net45)) (== netstandard2.0)
      System.Runtime (>= 4.3) - restriction: || (&& (== net461) (< net45)) (== netstandard2.0)
      System.Runtime.Extensions (>= 4.3) - restriction: || (&& (== net461) (< net45)) (== netstandard2.0)
    System.Security.Cryptography.Algorithms (4.3.1) - restriction: || (&& (== net461) (< net45) (>= netstandard1.6)) (== netstandard2.0)
      Microsoft.NETCore.Platforms (>= 1.1) - restriction: || (&& (== net461) (< net46) (>= netstandard1.6)) (== netstandard2.0)
      runtime.native.System.Security.Cryptography.Apple (>= 4.3.1) - restriction: || (&& (== net461) (< net46) (>= netstandard1.6)) (== netstandard2.0)
      runtime.native.System.Security.Cryptography.OpenSsl (>= 4.3.2) - restriction: || (&& (== net461) (< net46) (>= netstandard1.6)) (== netstandard2.0)
      System.Collections (>= 4.3) - restriction: || (&& (== net461) (< net46) (>= netstandard1.6)) (== netstandard2.0)
      System.IO (>= 4.3) - restriction: || (&& (== net461) (< net46)) (&& (== net461) (>= net463)) (== netstandard2.0)
      System.Resources.ResourceManager (>= 4.3) - restriction: || (&& (== net461) (< net46) (>= netstandard1.6)) (== netstandard2.0)
      System.Runtime (>= 4.3) - restriction: || (&& (== net461) (< net46)) (&& (== net461) (>= net463)) (== netstandard2.0)
      System.Runtime.Extensions (>= 4.3) - restriction: || (&& (== net461) (< net46) (>= netstandard1.6)) (== netstandard2.0)
      System.Runtime.Handles (>= 4.3) - restriction: || (&& (== net461) (< net46) (>= netstandard1.6)) (== netstandard2.0)
      System.Runtime.InteropServices (>= 4.3) - restriction: || (&& (== net461) (< net46) (>= netstandard1.6)) (== netstandard2.0)
      System.Runtime.Numerics (>= 4.3) - restriction: || (&& (== net461) (< net46) (>= netstandard1.6)) (== netstandard2.0)
      System.Security.Cryptography.Encoding (>= 4.3) - restriction: || (&& (== net461) (< net46) (>= netstandard1.6)) (&& (== net461) (>= net463)) (== netstandard2.0)
      System.Security.Cryptography.Primitives (>= 4.3)
      System.Text.Encoding (>= 4.3) - restriction: || (&& (== net461) (< net46) (>= netstandard1.6)) (== netstandard2.0)
    System.Security.Cryptography.Cng (5.0) - restriction: || (&& (== net461) (< net45) (>= netstandard1.6)) (== netstandard2.0)
    System.Security.Cryptography.Csp (4.3) - restriction: || (&& (== net461) (< net45) (>= netstandard1.6)) (== netstandard2.0)
      Microsoft.NETCore.Platforms (>= 1.1) - restriction: || (&& (== net461) (< net46)) (== netstandard2.0)
      System.IO (>= 4.3) - restriction: || (&& (== net461) (< net46)) (== netstandard2.0)
      System.Reflection (>= 4.3) - restriction: || (&& (== net461) (< net46)) (== netstandard2.0)
      System.Resources.ResourceManager (>= 4.3) - restriction: || (&& (== net461) (< net46)) (== netstandard2.0)
      System.Runtime (>= 4.3) - restriction: || (&& (== net461) (< net46)) (== netstandard2.0)
      System.Runtime.Extensions (>= 4.3) - restriction: || (&& (== net461) (< net46)) (== netstandard2.0)
      System.Runtime.Handles (>= 4.3) - restriction: || (&& (== net461) (< net46)) (== netstandard2.0)
      System.Runtime.InteropServices (>= 4.3) - restriction: || (&& (== net461) (< net46)) (== netstandard2.0)
      System.Security.Cryptography.Algorithms (>= 4.3)
      System.Security.Cryptography.Encoding (>= 4.3) - restriction: || (&& (== net461) (< net46)) (== netstandard2.0)
      System.Security.Cryptography.Primitives (>= 4.3)
      System.Text.Encoding (>= 4.3) - restriction: || (&& (== net461) (< net46)) (== netstandard2.0)
      System.Threading (>= 4.3) - restriction: || (&& (== net461) (< net46)) (== netstandard2.0)
    System.Security.Cryptography.Encoding (4.3) - restriction: || (&& (== net461) (< net45) (>= netstandard1.6)) (== netstandard2.0)
      Microsoft.NETCore.Platforms (>= 1.1) - restriction: || (&& (== net461) (< net46)) (== netstandard2.0)
      runtime.native.System.Security.Cryptography.OpenSsl (>= 4.3) - restriction: || (&& (== net461) (< net46)) (== netstandard2.0)
      System.Collections (>= 4.3) - restriction: || (&& (== net461) (< net46)) (== netstandard2.0)
      System.Collections.Concurrent (>= 4.3) - restriction: || (&& (== net461) (< net46)) (== netstandard2.0)
      System.Linq (>= 4.3) - restriction: || (&& (== net461) (< net46)) (== netstandard2.0)
      System.Resources.ResourceManager (>= 4.3) - restriction: || (&& (== net461) (< net46)) (== netstandard2.0)
      System.Runtime (>= 4.3) - restriction: || (&& (== net461) (< net46)) (== netstandard2.0)
      System.Runtime.Extensions (>= 4.3) - restriction: || (&& (== net461) (< net46)) (== netstandard2.0)
      System.Runtime.Handles (>= 4.3) - restriction: || (&& (== net461) (< net46)) (== netstandard2.0)
      System.Runtime.InteropServices (>= 4.3) - restriction: || (&& (== net461) (< net46)) (== netstandard2.0)
      System.Security.Cryptography.Primitives (>= 4.3) - restriction: || (&& (== net461) (< net46)) (== netstandard2.0)
      System.Text.Encoding (>= 4.3) - restriction: || (&& (== net461) (< net46)) (== netstandard2.0)
    System.Security.Cryptography.OpenSsl (5.0) - restriction: || (&& (== net461) (< net45) (>= netstandard1.6)) (== netstandard2.0)
    System.Security.Cryptography.Primitives (4.3) - restriction: || (&& (== net461) (< net45) (>= netstandard1.6)) (== netstandard2.0)
      System.Diagnostics.Debug (>= 4.3) - restriction: || (&& (== net461) (< net46)) (== netstandard2.0)
      System.Globalization (>= 4.3) - restriction: || (&& (== net461) (< net46)) (== netstandard2.0)
      System.IO (>= 4.3) - restriction: || (&& (== net461) (< net46)) (== netstandard2.0)
      System.Resources.ResourceManager (>= 4.3) - restriction: || (&& (== net461) (< net46)) (== netstandard2.0)
      System.Runtime (>= 4.3) - restriction: || (&& (== net461) (< net46)) (== netstandard2.0)
      System.Threading (>= 4.3) - restriction: || (&& (== net461) (< net46)) (== netstandard2.0)
      System.Threading.Tasks (>= 4.3) - restriction: || (&& (== net461) (< net46)) (== netstandard2.0)
    System.Security.Cryptography.X509Certificates (4.3.2) - restriction: || (&& (== net461) (< net45) (>= netstandard1.6)) (== netstandard2.0)
      Microsoft.NETCore.Platforms (>= 1.1) - restriction: || (&& (== net461) (< net46) (>= netstandard1.6)) (== netstandard2.0)
      runtime.native.System (>= 4.3) - restriction: || (&& (== net461) (< net46) (>= netstandard1.6)) (== netstandard2.0)
      runtime.native.System.Net.Http (>= 4.3) - restriction: || (&& (== net461) (< net46) (>= netstandard1.6)) (== netstandard2.0)
      runtime.native.System.Security.Cryptography.OpenSsl (>= 4.3.2) - restriction: || (&& (== net461) (< net46) (>= netstandard1.6)) (== netstandard2.0)
      System.Collections (>= 4.3) - restriction: || (&& (== net461) (< net46) (>= netstandard1.6)) (== netstandard2.0)
      System.Diagnostics.Debug (>= 4.3) - restriction: || (&& (== net461) (< net46) (>= netstandard1.6)) (== netstandard2.0)
      System.Globalization (>= 4.3) - restriction: || (&& (== net461) (< net46) (>= netstandard1.6)) (== netstandard2.0)
      System.Globalization.Calendars (>= 4.3) - restriction: || (&& (== net461) (< net46) (>= netstandard1.6)) (== netstandard2.0)
      System.IO (>= 4.3) - restriction: || (&& (== net461) (< net46) (>= netstandard1.6)) (== netstandard2.0)
      System.IO.FileSystem (>= 4.3) - restriction: || (&& (== net461) (< net46) (>= netstandard1.6)) (== netstandard2.0)
      System.IO.FileSystem.Primitives (>= 4.3) - restriction: || (&& (== net461) (< net46) (>= netstandard1.6)) (== netstandard2.0)
      System.Resources.ResourceManager (>= 4.3) - restriction: || (&& (== net461) (< net46) (>= netstandard1.6)) (== netstandard2.0)
      System.Runtime (>= 4.3) - restriction: || (&& (== net461) (< net46)) (== netstandard2.0)
      System.Runtime.Extensions (>= 4.3) - restriction: || (&& (== net461) (< net46) (>= netstandard1.6)) (== netstandard2.0)
      System.Runtime.Handles (>= 4.3) - restriction: || (&& (== net461) (< net46)) (== netstandard2.0)
      System.Runtime.InteropServices (>= 4.3) - restriction: || (&& (== net461) (< net46) (>= netstandard1.6)) (== netstandard2.0)
      System.Runtime.Numerics (>= 4.3) - restriction: || (&& (== net461) (< net46) (>= netstandard1.6)) (== netstandard2.0)
      System.Security.Cryptography.Algorithms (>= 4.3)
      System.Security.Cryptography.Cng (>= 4.3) - restriction: || (&& (== net461) (< net46) (>= netstandard1.6)) (== netstandard2.0)
      System.Security.Cryptography.Csp (>= 4.3) - restriction: || (&& (== net461) (< net46) (>= netstandard1.6)) (== netstandard2.0)
      System.Security.Cryptography.Encoding (>= 4.3)
      System.Security.Cryptography.OpenSsl (>= 4.3) - restriction: || (&& (== net461) (< net46) (>= netstandard1.6)) (== netstandard2.0)
      System.Security.Cryptography.Primitives (>= 4.3) - restriction: || (&& (== net461) (< net46) (>= netstandard1.6)) (== netstandard2.0)
      System.Text.Encoding (>= 4.3) - restriction: || (&& (== net461) (< net46) (>= netstandard1.6)) (== netstandard2.0)
      System.Threading (>= 4.3) - restriction: || (&& (== net461) (< net46) (>= netstandard1.6)) (== netstandard2.0)
    System.Text.Encoding (4.3) - restriction: || (&& (== net461) (< net45) (>= netstandard1.6)) (== netstandard2.0)
      Microsoft.NETCore.Platforms (>= 1.1) - restriction: || (&& (== net461) (< net45)) (== netstandard2.0)
      Microsoft.NETCore.Targets (>= 1.1) - restriction: || (&& (== net461) (< net45)) (== netstandard2.0)
      System.Runtime (>= 4.3) - restriction: || (&& (== net461) (< net45)) (== netstandard2.0)
    System.Text.RegularExpressions (4.3.1) - restriction: || (&& (== net461) (< net45) (>= netstandard1.6)) (== netstandard2.0)
      System.Collections (>= 4.3) - restriction: || (&& (== net461) (< net45) (>= netstandard1.6)) (== netstandard2.0)
      System.Globalization (>= 4.3) - restriction: || (&& (== net461) (< net45) (>= netstandard1.6)) (== netstandard2.0)
      System.Resources.ResourceManager (>= 4.3) - restriction: || (&& (== net461) (< net45) (>= netstandard1.6)) (== netstandard2.0)
      System.Runtime (>= 4.3.1) - restriction: || (&& (== net461) (< net45)) (&& (== net461) (>= netcoreapp1.1)) (== netstandard2.0)
      System.Runtime.Extensions (>= 4.3.1) - restriction: || (&& (== net461) (< net45) (>= netstandard1.6)) (== netstandard2.0)
      System.Threading (>= 4.3) - restriction: || (&& (== net461) (< net45) (>= netstandard1.6)) (== netstandard2.0)
    System.Threading (4.3) - restriction: || (&& (== net461) (< net45) (>= netstandard1.6)) (== netstandard2.0)
      System.Runtime (>= 4.3) - restriction: || (&& (== net461) (< net45)) (== netstandard2.0)
      System.Threading.Tasks (>= 4.3) - restriction: || (&& (== net461) (< net45)) (== netstandard2.0)
    System.Threading.Tasks (4.3) - restriction: || (&& (== net461) (< net45) (>= netstandard1.6)) (== netstandard2.0)
      Microsoft.NETCore.Platforms (>= 1.1) - restriction: || (&& (== net461) (< net45)) (== netstandard2.0)
      Microsoft.NETCore.Targets (>= 1.1) - restriction: || (&& (== net461) (< net45)) (== netstandard2.0)
      System.Runtime (>= 4.3) - restriction: || (&& (== net461) (< net45)) (== netstandard2.0)
    System.Threading.Tasks.Parallel (4.3) - restriction: || (&& (== net461) (< net45) (>= netstandard1.6)) (== netstandard2.0)
      System.Collections.Concurrent (>= 4.3) - restriction: || (&& (== net461) (< net45)) (== netstandard2.0)
      System.Diagnostics.Debug (>= 4.3) - restriction: || (&& (== net461) (< net45)) (== netstandard2.0)
      System.Diagnostics.Tracing (>= 4.3) - restriction: || (&& (== net461) (< net45)) (== netstandard2.0)
      System.Resources.ResourceManager (>= 4.3) - restriction: || (&& (== net461) (< net45)) (== netstandard2.0)
      System.Runtime (>= 4.3) - restriction: || (&& (== net461) (< net45)) (== netstandard2.0)
      System.Runtime.Extensions (>= 4.3) - restriction: || (&& (== net461) (< net45)) (== netstandard2.0)
      System.Threading (>= 4.3) - restriction: || (&& (== net461) (< net45)) (== netstandard2.0)
      System.Threading.Tasks (>= 4.3) - restriction: || (&& (== net461) (< net45)) (== netstandard2.0)
    System.Threading.Thread (4.3) - restriction: || (&& (== net461) (< net45) (>= netstandard1.6)) (== netstandard2.0)
      System.Runtime (>= 4.3) - restriction: || (&& (== net461) (< net46)) (== netstandard2.0)
    System.Threading.ThreadPool (4.3) - restriction: || (&& (== net461) (< net45) (>= netstandard1.6)) (== netstandard2.0)
      System.Runtime (>= 4.3) - restriction: || (&& (== net461) (< net46)) (== netstandard2.0)
      System.Runtime.Handles (>= 4.3) - restriction: || (&& (== net461) (< net46)) (== netstandard2.0)
    System.Threading.Timer (4.3) - restriction: || (&& (== net461) (< net45) (>= netstandard1.6)) (== netstandard2.0)
      Microsoft.NETCore.Platforms (>= 1.1) - restriction: || (&& (== net461) (< net451)) (== netstandard2.0)
      Microsoft.NETCore.Targets (>= 1.1) - restriction: || (&& (== net461) (< net451)) (== netstandard2.0)
      System.Runtime (>= 4.3) - restriction: || (&& (== net461) (< net451)) (== netstandard2.0)
    WebSharper (4.7.0.423)
      FSharp.Core (>= 4.2.3)
    WebSharper.FSharp (4.7.0.423)
      WebSharper (4.7.0.423)
    WebSharper.Html (4.7.0.189)
      WebSharper (>= 4.7 < 4.8)
    Zlib.Portable (1.11) - restriction: || (&& (== net461) (< net40)) (== netstandard2.0)

GROUP wsbuild

GIT
  remote: https://github.com/dotnet-websharper/build-script
     (7155f2cb840374092cbe8eb2c8f1399c5c97f4af)